PATH
  remote: .
  specs:
    airplay (1.1.0)
      CFPropertyList (~> 2.2)
      cuba (~> 3.1.0)
      dnssd (~> 3.0)
      http_parser.rb (~> 0.6.0)
      log4r (~> 1.1.10)
      micromachine (~> 1.0.4)
      mime-types (>= 1.16)
      net-http-digest_auth (~> 1.2.1)
    airplay-cli (1.1.0)
      airplay (>= 1.0.5)
      clap (~> 1.0.0)
      ruby-progressbar (~> 1.2.0)

GEM
  remote: http://rubygems.org/
  specs:
    CFPropertyList (2.3.1)
    clap (1.0.0)
    cuba (3.1.1)
      rack
    cutest (1.2.3)
      clap
    dnssd (3.0.1)
    fakeweb (1.3.0)
    http_parser.rb (0.6.0)
    log4r (1.1.10)
    micromachine (1.0.4)
    mime-types (2.6.1)
    net-http-digest_auth (1.2.1)
    rack (1.6.4)
    rake (10.4.2)
    ruby-progressbar (1.2.0)
    vcr (2.4.0)

PLATFORMS
  ruby

DEPENDENCIES
  airplay!
  airplay-cli!
  cutest (~> 1.2.3)
  fakeweb (~> 1.3.0)
  rake
  vcr (~> 2.4.0)

BUNDLED WITH
   1.12.3
